GEM
  remote: https://rubygems.org/
  specs:
    activesupport (5.2.3)
      concurrent-ruby (~> 1.0, >= 1.0.2)
      i18n (>= 0.7, < 2)
      minitest (~> 5.1)
      tzinfo (~> 1.1)
    chronic (0.10.2)
    concurrent-ruby (1.1.5)
    diff-lcs (1.3)
    i18n (1.6.0)
      concurrent-ruby (~> 1.0)
    minitest (5.11.3)
    rspec (3.7.0)
      rspec-core (~> 3.7.0)
      rspec-expectations (~> 3.7.0)
      rspec-mocks (~> 3.7.0)
    rspec-core (3.7.1)
      rspec-support (~> 3.7.0)
    rspec-expectations (3.7.0)
      diff-lcs (>= 1.2.0, < 2.0)
      rspec-support (~> 3.7.0)
    rspec-mocks (3.7.0)
      diff-lcs (>= 1.2.0, < 2.0)
      rspec-support (~> 3.7.0)
    rspec-support (3.7.1)
    thread_safe (0.3.6)
    tzinfo (1.2.5)
      thread_safe (~> 0.1)
    whenever (0.10.0)
      chronic (>= 0.6.3)

PLATFORMS
  ruby

DEPENDENCIES
  activesupport (~> 5.2)
  rspec (~> 3.7)
  whenever (~> 0.10)

BUNDLED WITH
   1.17.3
